NUGET
  remote: https://www.nuget.org/api/v2
  specs:
    FAKE (4.1.0)
    FSharp.Compiler.Service (1.4.0.1)
    FSharp.Formatting (2.10.0)
      FSharp.Compiler.Service (>= 0.0.87)
      FSharpVSPowerTools.Core (1.8.0)
    FSharpVSPowerTools.Core (1.8.0)
      FSharp.Compiler.Service (>= 0.0.87)
    NuGet.CommandLine (2.8.6)
    NUnit (2.6.3)
    NUnit.Runners (2.6.3)
    SourceLink.Fake (1.0.0)
    sqlite-net-wp8 (3.8.5) - framework: wpv8.0
    SQLite.Net-PCL (3.0.5)
      sqlite-net-wp8 (>= 3.8.5) - framework: wpv8.0
    SQLite.Net.Platform.Generic (2.4.1)
      SQLite.Net-PCL
