NUGET
  remote: https://www.nuget.org/api/v2
  specs:
    FAKE (4.25.4)
    FSharp.Compiler.Service (2.0.0.6)
    FSharp.Core (4.0.0.1) - framework: >= net46
    FSharp.Formatting (2.14.2)
      FSharp.Compiler.Service (2.0.0.6)
      FSharpVSPowerTools.Core (>= 2.3 < 2.4)
    FSharp.SRGen.Build.Tasks (3.0)
      FSharp.Core (>= 4.0.0.1) - framework: >= net46
    FSharpVSPowerTools.Core (2.3)
      FSharp.Compiler.Service (>= 2.0.0.3)
    FsSrGen (3.0)
      FSharp.Core (>= 4.0.0.1) - framework: >= net46
    Microsoft.Bcl (1.1.10) - framework: net10, net11, net20, net30, net35, net40, net40-full
      Microsoft.Bcl.Build (>= 1.0.14)
    Microsoft.Bcl.Build (1.0.21) - import_targets: false, framework: net10, net11, net20, net30, net35, net40, net40-full
    Microsoft.Net.Http (2.2.29) - framework: net10, net11, net20, net30, net35, net40, net40-full
      Microsoft.Bcl (>= 1.1.10)
      Microsoft.Bcl.Build (>= 1.0.14)
    NUnit (2.6.3)
    NUnit.Runners (2.6.3)
    Octokit (0.19)
      Microsoft.Net.Http  - framework: net10, net11, net20, net30, net35, net40, net40-full
    SourceLink.Fake (1.1)
    SQLite.Net.Platform.Generic (2.4.1)
      SQLite.Net-PCL
    SQLite.Net-PCL (3.0.5)
      sqlite-net-wp8 (>= 3.8.5) - framework: wpv8.0
    sqlite-net-wp8 (3.8.5) - framework: wpv8.0
GITHUB
  remote: fsharp/FAKE
  specs:
    modules/Octokit/Octokit.fsx (8f3531f4c47b86e51b4e32409bd760f79a555c62)
      Octokit